GIT
  remote: git://github.com/lotus/controller.git
  revision: fc10811277fd6500f61bb38d6382fd6d607210b7
  specs:
    lotus-controller (0.1.0)
      lotus-utils (~> 0.1)
      rack (~> 1.5)

GIT
  remote: git://github.com/lotus/model.git
  revision: 09bf3f4dc2948ec283711b044abaf1a96acfc3a4
  specs:
    lotus-model (0.1.0)
      lotus-utils (~> 0.1, > 0.1.0)
      sequel (~> 4.9)

GIT
  remote: git://github.com/lotus/utils.git
  revision: 37a010f2369b14555d3c0f78a26ee08a10c60a62
  specs:
    lotus-utils (0.1.1)

GEM
  remote: https://rubygems.org/
  specs:
    activemodel (4.0.0)
      activesupport (= 4.0.0)
      builder (~> 3.1.0)
    activesupport (4.0.0)
      i18n (~> 0.6, >= 0.6.4)
      minitest (~> 4.2)
      multi_json (~> 1.3)
      thread_safe (~> 0.1)
      tzinfo (~> 0.3.37)
    atomic (1.1.14)
    builder (3.1.4)
    capybara (2.2.1)
      mime-types (>= 1.16)
      nokogiri (>= 1.3.3)
      rack (>= 1.0.0)
      rack-test (>= 0.5.4)
      xpath (~> 2.0)
    coderay (1.1.0)
    diff-lcs (1.2.5)
    dotenv (0.9.0)
    http_router (0.11.1)
      rack (>= 1.0.0)
      url_mount (~> 0.2.1)
    i18n (0.6.9)
    lotus-router (0.1.0)
      http_router (~> 0)
      lotus-utils (~> 0)
    lotus-view (0.1.0)
      lotus-utils (~> 0.1)
      tilt (~> 2.0, >= 2.0.1)
    method_source (0.8.2)
    mime-types (2.2)
    mini_portile (0.5.3)
    minitest (4.7.5)
    multi_json (1.9.2)
    nokogiri (1.6.1)
      mini_portile (~> 0.5.0)
    pg (0.17.1)
    pry (0.9.12.6)
      coderay (~> 1.0)
      method_source (~> 0.8)
      slop (~> 3.4)
    rack (1.5.2)
    rack-test (0.6.2)
      rack (>= 1.0)
    rake (10.2.2)
    reform (0.2.1)
      activemodel
      representable (~> 1.7.0)
    representable (1.7.1)
      multi_json
      nokogiri
    rspec (2.14.1)
      rspec-core (~> 2.14.0)
      rspec-expectations (~> 2.14.0)
      rspec-mocks (~> 2.14.0)
    rspec-core (2.14.8)
    rspec-expectations (2.14.5)
      diff-lcs (>= 1.1.3, < 2.0)
    rspec-mocks (2.14.6)
    sequel (4.9.0)
    shotgun (0.9)
      rack (>= 1.0)
    slop (3.5.0)
    thread_safe (0.1.3)
      atomic
    tilt (2.0.1)
    tzinfo (0.3.38)
    url_mount (0.2.1)
      rack
    xpath (2.0.0)
      nokogiri (~> 1.3)

PLATFORMS
  ruby

DEPENDENCIES
  capybara
  dotenv
  lotus-controller!
  lotus-model!
  lotus-router
  lotus-utils!
  lotus-view
  pg
  pry
  rake
  reform
  rspec
  shotgun
